GEM
  specs:
    redcarpet (2.1.1)

PLATFORMS
  ruby

DEPENDENCIES
  redcarpet
